GEM
  remote: http://rubygems.org/
  specs:
    backports (2.6.2)
    diff-lcs (1.1.3)
    ffi (1.0.11)
    ffi (1.0.11-java)
    hitimes (1.1.1)
    path (1.3.0)
    rspec (2.11.0)
      rspec-core (~> 2.11.0)
      rspec-expectations (~> 2.11.0)
      rspec-mocks (~> 2.11.0)
    rspec-core (2.11.0)
    rspec-expectations (2.11.1)
      diff-lcs (~> 1.1.3)
    rspec-mocks (2.11.1)

PLATFORMS
  java
  ruby

DEPENDENCIES
  backports (~> 2.6.2)
  ffi (~> 1.0.11)
  hitimes
  path (>= 1.3)
  rspec (~> 2.11)
