GEM
  remote: http://rubygems.org/
  specs:
    backports (2.6.4)
    diff-lcs (1.1.3)
    ffi (1.0.11)
    ffi (1.0.11-java)
    hitimes (1.1.1)
    hitimes (1.1.1-java)
    hitimes (1.1.1-x86-mingw32)
    path (1.3.1)
    rspec (2.11.0)
      rspec-core (~> 2.11.0)
      rspec-expectations (~> 2.11.0)
      rspec-mocks (~> 2.11.0)
    rspec-core (2.11.1)
    rspec-expectations (2.11.2)
      diff-lcs (~> 1.1.3)
    rspec-mocks (2.11.2)

PLATFORMS
  java
  ruby
  x86-mingw32

DEPENDENCIES
  backports (~> 2.6.3)
  ffi (~> 1.0.11)
  hitimes (~> 1.1.1)
  path (>= 1.3.1)
  rspec (~> 2.11)
